PATH
  remote: .
  specs:
    cloudscale_api_scraper (0.1.0)
      nokogiri (~> 1.8, >= 1.8.5)
      thor (~> 0.20)

GEM
  remote: https://rubygems.org/
  specs:
    mini_portile2 (2.8.0)
    minitest (5.11.3)
    nokogiri (1.13.9)
      mini_portile2 (~> 2.8.0)
      racc (~> 1.4)
    racc (1.6.0)
    rake (13.0.1)
    thor (0.20.3)

PLATFORMS
  ruby

DEPENDENCIES
  bundler (>= 2.2.10)
  cloudscale_api_scraper!
  minitest (~> 5.0)
  rake (~> 13.0)

BUNDLED WITH
   1.17.1
