PATH
  remote: .
  specs:
    cloudscale_api_scraper (0.1.0)
      nokogiri (~> 1.8, >= 1.8.5)
      thor (~> 0.20)

GEM
  remote: https://rubygems.org/
  specs:
    mini_portile2 (2.4.0)
    minitest (5.11.3)
    nokogiri (1.10.8)
      mini_portile2 (~> 2.4.0)
    rake (10.5.0)
    thor (0.20.3)

PLATFORMS
  ruby

DEPENDENCIES
  bundler (~> 1.17)
  cloudscale_api_scraper!
  minitest (~> 5.0)
  rake (~> 10.0)

BUNDLED WITH
   1.17.1
